GEM
  remote: https://rubygems.org/
  specs:
    actionmailer (2.3.17)
      actionpack (= 2.3.17)
    actionpack (2.3.17)
      activesupport (= 2.3.17)
      rack (~> 1.1.0)
    activerecord (2.3.17)
      activesupport (= 2.3.17)
    activeresource (2.3.17)
      activesupport (= 2.3.17)
    activesupport (2.3.17)
    json (1.7.7)
    rack (1.1.6)
    rails (2.3.17)
      actionmailer (= 2.3.17)
      actionpack (= 2.3.17)
      activerecord (= 2.3.17)
      activeresource (= 2.3.17)
      activesupport (= 2.3.17)
      rake (>= 0.8.3)
    rake (10.0.3)
    rdoc (3.12.2)
      json (~> 1.4)
    sqlite3 (1.3.7)

PLATFORMS
  ruby

DEPENDENCIES
  rails (= 2.3.17)
  rdoc
  sqlite3
