GIT
  remote: git://github.com/metaskills/minitest-spec-rails.git
  revision: e8c75498837de7b10150aca017a80deee6efab32
  branch: 2-3-stable
  specs:
    minitest-spec-rails (3.1.0)
      minitest (= 4.6.3.beta2)
      minitest_tu_shim (~> 1.3.2)
      rails (~> 2.3.0)

GEM
  remote: https://rubygems.org/
  specs:
    actionmailer (2.3.17)
      actionpack (= 2.3.17)
    actionpack (2.3.17)
      activesupport (= 2.3.17)
      rack (~> 1.1.0)
    activerecord (2.3.17)
      activesupport (= 2.3.17)
    activeresource (2.3.17)
      activesupport (= 2.3.17)
    activesupport (2.3.17)
    json (1.7.7)
    minitest (4.6.3.beta2)
    minitest_tu_shim (1.3.2)
      minitest (>= 1.6.0)
    rack (1.1.6)
    rails (2.3.17)
      actionmailer (= 2.3.17)
      actionpack (= 2.3.17)
      activerecord (= 2.3.17)
      activeresource (= 2.3.17)
      activesupport (= 2.3.17)
      rake (>= 0.8.3)
    rake (10.0.3)
    rdoc (3.12.2)
      json (~> 1.4)
    sqlite3 (1.3.7)

PLATFORMS
  ruby

DEPENDENCIES
  minitest-spec-rails!
  rails (= 2.3.17)
  rdoc
  sqlite3
